GEM
  remote: https://rubygems.org/
  specs:
    metaclass (0.0.4)
    mocha (1.7.0)
      metaclass (~> 0.0.1)

DEPENDENCIES
  mocha

BUNDLED WITH
   1.16.1
