GEM
  remote: https://rubygems.org/
  specs:
    metaclass (0.0.4)
    mocha (1.7.0)
      metaclass (~> 0.0.1)
    power_assert (1.1.3)
    rake (12.3.1)
    test-unit (3.2.8)
      power_assert

PLATFORMS
  ruby
  x64-mingw32

DEPENDENCIES
  mocha
  rake
  test-unit

BUNDLED WITH
   1.16.1
