GEM
  remote: https://rubygems.org/
  specs:
    docile (1.3.1)
    json (2.1.0)
    metaclass (0.0.4)
    mocha (1.7.0)
      metaclass (~> 0.0.1)
    power_assert (1.1.3)
    rake (12.3.1)
    simplecov (0.16.1)
      docile (~> 1.1)
      json (>= 1.8, < 3)
      simplecov-html (~> 0.10.0)
    simplecov-html (0.10.2)
    test-unit (3.2.8)
      power_assert

PLATFORMS
  ruby
  x64-mingw32

DEPENDENCIES
  mocha
  rake
  simplecov
  test-unit

BUNDLED WITH
   1.16.1
